PATH
  remote: .
  specs:
    fast_matrix (0.1.0)

GEM
  remote: https://rubygems.org/
  specs:
    minitest (5.12.2)
    rake (10.5.0)
    rake-compiler (1.0.8)
      rake

PLATFORMS
  x64-mingw32

DEPENDENCIES
  bundler (~> 2.0)
  fast_matrix!
  minitest (~> 5.0)
  rake (~> 10.0)
  rake-compiler

BUNDLED WITH
   2.0.2
